PATH
  remote: .
  specs:
    memo (0.1.0)
      pry
      tomlrb

GEM
  remote: https://rubygems.org/
  specs:
    coderay (1.1.3)
    method_source (1.0.0)
    power_assert (1.2.0)
    pry (0.13.1)
      coderay (~> 1.1)
      method_source (~> 1.0)
    rake (13.0.3)
    test-unit (3.3.7)
      power_assert
    tomlrb (2.0.1)

PLATFORMS
  x86_64-linux

DEPENDENCIES
  memo!
  rake (~> 13.0)
  test-unit (~> 3.0)

BUNDLED WITH
   2.2.3
