PATH
  remote: .
  specs:
    ememo (0.1.3)
      tomlrb

GEM
  remote: https://rubygems.org/
  specs:
    power_assert (1.2.0)
    rake (13.0.3)
    test-unit (3.3.7)
      power_assert
    tomlrb (2.0.1)

PLATFORMS
  x86_64-linux

DEPENDENCIES
  ememo!
  rake (~> 13.0)
  test-unit (~> 3.0)

BUNDLED WITH
   2.2.3
